PATH
  remote: .
  specs:
    rlp (0.3.0)

GEM
  remote: https://rubygems.org/
  specs:
    minitest (5.8.3)
    rake (10.5.0)
    yard (0.8.7.6)

PLATFORMS
  ruby

DEPENDENCIES
  minitest (= 5.8.3)
  rake (~> 10.5.0)
  rlp!
  yard (= 0.8.7.6)

BUNDLED WITH
   1.11.2
